GEM
  specs:
    colorize (0.5.8)

PLATFORMS
  ruby

DEPENDENCIES
  colorize
